GEM
  remote: https://rubygems.org/
  specs:
    boson (1.3.0)
    byebug (9.0.6)
    hirb (0.6.2)

PLATFORMS
  ruby

DEPENDENCIES
  boson
  byebug
  hirb

BUNDLED WITH
   1.13.6
